GIT
  remote: https://github.com/bc-johnhebron/speedtest_net.git
  revision: 65a241debec0d6f0e9c83073a8befa967c4d8108
  branch: add-hash-and-array-methods
  specs:
    speedtest_net (0.9.1)
      curb (>= 0.9, < 2.0)
      rexml (~> 3.2)
      typhoeus (~> 1.3)

GEM
  remote: https://rubygems.org/
  specs:
    curb (1.0.1)
    ethon (0.15.0)
      ffi (>= 1.15.0)
    ffi (1.15.5)
    rexml (3.2.5)
    typhoeus (1.4.0)
      ethon (>= 0.9.0)

PLATFORMS
  arm64-darwin-21

DEPENDENCIES
  speedtest_net!

BUNDLED WITH
   2.3.5
